PATH
  remote: .
  specs:
    awslive-poster (0.1.8)
      aws-sdk-medialive (~> 1.40)
      aws-sdk-s3 (~> 1.40)

GEM
  remote: https://rubygems.org/
  specs:
    aws-eventstream (1.1.0)
    aws-partitions (1.326.0)
    aws-sdk-core (3.98.0)
      aws-eventstream (~> 1, >= 1.0.2)
      aws-partitions (~> 1, >= 1.239.0)
      aws-sigv4 (~> 1.1)
      jmespath (~> 1.0)
    aws-sdk-kms (1.33.0)
      aws-sdk-core (~> 3, >= 3.71.0)
      aws-sigv4 (~> 1.1)
    aws-sdk-medialive (1.46.0)
      aws-sdk-core (~> 3, >= 3.71.0)
      aws-sigv4 (~> 1.1)
    aws-sdk-s3 (1.67.1)
      aws-sdk-core (~> 3, >= 3.96.1)
      aws-sdk-kms (~> 1)
      aws-sigv4 (~> 1.1)
    aws-sigv4 (1.1.4)
      aws-eventstream (~> 1.0, >= 1.0.2)
    jmespath (1.4.0)
    rake (10.5.0)

PLATFORMS
  ruby

DEPENDENCIES
  awslive-poster!
  bundler (~> 2.0)
  rake (~> 10.0)

BUNDLED WITH
   2.1.4
